PATH
  remote: .
  specs:
    ruby-error-logger (0.0.4)
      eventmachine
      eventmachine-tail
      msgpack

GEM
  remote: http://rubygems.org/
  specs:
    coderay (1.0.8)
    eventmachine (1.0.0)
    eventmachine-tail (0.6.4)
      eventmachine
    method_source (0.8.1)
    msgpack (0.5.2)
    pry (0.9.11.4)
      coderay (~> 1.0.5)
      method_source (~> 0.8)
      slop (~> 3.4)
    slop (3.4.3)

PLATFORMS
  ruby

DEPENDENCIES
  pry
  ruby-error-logger!
